<<<<<<< HEAD
PATH
  remote: vendor/gems/cache_digests-0.1.0
  specs:
    cache_digests (0.1.0)
      actionpack (>= 3.2)

=======
>>>>>>> upgrade_irkeninvader.net
GEM
  remote: https://rubygems.org/
  specs:
    RedCloth (4.2.9)
    aasm (3.4.0)
<<<<<<< HEAD
    actionmailer (3.2.21)
      actionpack (= 3.2.21)
      mail (~> 2.5.4)
    actionpack (3.2.21)
      activemodel (= 3.2.21)
      activesupport (= 3.2.21)
      builder (~> 3.0.0)
      erubis (~> 2.7.0)
      journey (~> 1.0.4)
      rack (~> 1.4.5)
      rack-cache (~> 1.2)
      rack-test (~> 0.6.1)
      sprockets (~> 2.2.1)
    activemodel (3.2.21)
      activesupport (= 3.2.21)
      builder (~> 3.0.0)
    activerecord (3.2.21)
      activemodel (= 3.2.21)
      activesupport (= 3.2.21)
      arel (~> 3.0.2)
      tzinfo (~> 0.3.29)
    activeresource (3.2.21)
      activemodel (= 3.2.21)
      activesupport (= 3.2.21)
    activesupport (3.2.21)
      i18n (~> 0.6, >= 0.6.4)
      multi_json (~> 1.0)
    acts_as_list (0.5.0)
      activerecord (>= 3.0)
    arel (3.0.3)
=======
    actionmailer (4.1.8)
      actionpack (= 4.1.8)
      actionview (= 4.1.8)
      mail (~> 2.5, >= 2.5.4)
    actionpack (4.1.8)
      actionview (= 4.1.8)
      activesupport (= 4.1.8)
      rack (~> 1.5.2)
      rack-test (~> 0.6.2)
    actionpack-xml_parser (1.0.1)
      actionpack (>= 4.0.0.rc1)
    actionview (4.1.8)
      activesupport (= 4.1.8)
      builder (~> 3.1)
      erubis (~> 2.7.0)
    activemodel (4.1.8)
      activesupport (= 4.1.8)
      builder (~> 3.1)
    activerecord (4.1.8)
      activemodel (= 4.1.8)
      activesupport (= 4.1.8)
      arel (~> 5.0.0)
    activerecord-deprecated_finders (1.0.3)
    activesupport (4.1.8)
      i18n (~> 0.6, >= 0.6.9)
      json (~> 1.7, >= 1.7.7)
      minitest (~> 5.1)
      thread_safe (~> 0.1)
      tzinfo (~> 1.1)
    acts_as_list (0.4.0)
      activerecord (>= 3.0)
    arel (5.0.1.20140414130214)
>>>>>>> upgrade_irkeninvader.net
    aruba (0.6.1)
      childprocess (>= 0.3.6)
      cucumber (>= 1.1.1)
      rspec-expectations (>= 2.7.0)
    bcrypt (3.1.9)
<<<<<<< HEAD
    bcrypt-ruby (3.1.5)
      bcrypt (>= 3.1.3)
    bluecloth (2.2.0)
    builder (3.0.4)
    bullet (4.14.0)
      activesupport (>= 3.0.0)
      uniform_notifier (>= 1.6.0)
=======
    builder (3.2.2)
    bullet (4.13.2)
      activesupport (>= 3.0.0)
      uniform_notifier (>= 1.6.0)
    cache_digests (0.3.1)
      actionpack (>= 3.2)
      thread_safe
>>>>>>> upgrade_irkeninvader.net
    capybara (2.4.4)
      mime-types (>= 1.16)
      nokogiri (>= 1.3.3)
      rack (>= 1.0.0)
      rack-test (>= 0.5.4)
      xpath (~> 2.0)
    childprocess (0.5.5)
      ffi (~> 1.0, >= 1.0.11)
<<<<<<< HEAD
    coffee-rails (3.2.2)
      coffee-script (>= 2.2.0)
      railties (~> 3.2.0)
=======
    codeclimate-test-reporter (0.4.3)
      simplecov (>= 0.7.1, < 1.0.0)
    coffee-rails (4.0.1)
      coffee-script (>= 2.2.0)
      railties (>= 4.0.0, < 5.0)
>>>>>>> upgrade_irkeninvader.net
    coffee-script (2.3.0)
      coffee-script-source
      execjs
    coffee-script-source (1.8.0)
<<<<<<< HEAD
=======
    crass (0.2.1)
>>>>>>> upgrade_irkeninvader.net
    cucumber (1.3.17)
      builder (>= 2.1.2)
      diff-lcs (>= 1.1.3)
      gherkin (~> 2.12)
      multi_json (>= 1.7.5, < 2.0)
      multi_test (>= 0.1.1)
    cucumber-rails (1.4.2)
      capybara (>= 1.1.2, < 3)
      cucumber (>= 1.3.8, < 2)
      mime-types (>= 1.16, < 3)
      nokogiri (~> 1.5)
      rails (>= 3, < 5)
<<<<<<< HEAD
    database_cleaner (0.9.1)
=======
    database_cleaner (1.3.0)
>>>>>>> upgrade_irkeninvader.net
    diff-lcs (1.2.5)
    docile (1.1.5)
    erubis (2.7.0)
    execjs (2.2.2)
<<<<<<< HEAD
    factory_girl (4.5.0)
      activesupport (>= 3.0.0)
    factory_girl_rails (4.5.0)
      factory_girl (~> 4.5.0)
      railties (>= 3.0.0)
    ffi (1.9.6)
    formatize (1.1.0)
      RedCloth (~> 4.2)
      actionpack (~> 3.0)
      bluecloth (~> 2.2)
=======
    factory_girl (4.4.0)
      activesupport (>= 3.0.0)
    factory_girl_rails (4.4.1)
      factory_girl (~> 4.4.0)
      railties (>= 3.0.0)
    ffi (1.9.6)
>>>>>>> upgrade_irkeninvader.net
    gherkin (2.12.2)
      multi_json (~> 1.3)
    hike (1.2.3)
    htmlentities (4.3.2)
    i18n (0.7.0)
<<<<<<< HEAD
    journey (1.0.4)
    jquery-rails (2.3.0)
=======
    jquery-rails (3.1.2)
>>>>>>> upgrade_irkeninvader.net
      railties (>= 3.0, < 5.0)
      thor (>= 0.14, < 2.0)
    json (1.8.1)
    libv8 (3.16.14.7)
<<<<<<< HEAD
    mail (2.5.4)
      mime-types (~> 1.16)
      treetop (~> 1.4.8)
    mime-types (1.25.1)
    mini_portile (0.6.1)
=======
    mail (2.6.3)
      mime-types (>= 1.16, < 3)
    metaclass (0.0.4)
    mime-types (2.4.3)
    mini_portile (0.6.1)
    minitest (5.5.0)
    mocha (1.1.0)
      metaclass (~> 0.0.1)
>>>>>>> upgrade_irkeninvader.net
    multi_json (1.10.1)
    multi_test (0.1.1)
    nokogiri (1.6.5)
      mini_portile (~> 0.6.0)
<<<<<<< HEAD
    pg (0.17.1)
    polyglot (0.3.5)
    rack (1.4.5)
    rack-cache (1.2)
      rack (>= 0.4)
    rack-mini-profiler (0.9.2)
      rack (>= 1.1.3)
    rack-ssl (1.3.4)
      rack
    rack-test (0.6.2)
      rack (>= 1.0)
    rails (3.2.21)
      actionmailer (= 3.2.21)
      actionpack (= 3.2.21)
      activerecord (= 3.2.21)
      activeresource (= 3.2.21)
      activesupport (= 3.2.21)
      bundler (~> 1.0)
      railties (= 3.2.21)
    rails_autolink (1.1.6)
      rails (> 3.1)
    railties (3.2.21)
      actionpack (= 3.2.21)
      activesupport (= 3.2.21)
      rack-ssl (~> 1.3.2)
      rake (>= 0.8.7)
      rdoc (~> 3.4)
      thor (>= 0.14.6, < 2.0)
    rake (10.4.2)
    rdoc (3.12.2)
      json (~> 1.4)
=======
    nokogumbo (1.1.12)
      nokogiri
    pg (0.17.1)
    rack (1.5.2)
    rack-dev-mark (0.7.3)
      rack (>= 1.1)
    rack-mini-profiler (0.9.2)
      rack (>= 1.1.3)
    rack-test (0.6.2)
      rack (>= 1.0)
    rails (4.1.8)
      actionmailer (= 4.1.8)
      actionpack (= 4.1.8)
      actionview (= 4.1.8)
      activemodel (= 4.1.8)
      activerecord (= 4.1.8)
      activesupport (= 4.1.8)
      bundler (>= 1.3.0, < 2.0)
      railties (= 4.1.8)
      sprockets-rails (~> 2.0)
    rails_autolink (1.1.6)
      rails (> 3.1)
    railties (4.1.8)
      actionpack (= 4.1.8)
      activesupport (= 4.1.8)
      rake (>= 0.8.7)
      thor (>= 0.18.1, < 2.0)
    rake (10.4.2)
>>>>>>> upgrade_irkeninvader.net
    ref (1.0.5)
    rspec-expectations (3.1.2)
      diff-lcs (>= 1.2.0, < 2.0)
      rspec-support (~> 3.1.0)
    rspec-support (3.1.2)
    rubyzip (1.1.6)
    safe_yaml (1.0.4)
<<<<<<< HEAD
    sanitize (2.1.0)
      nokogiri (>= 1.4.4)
    sass (3.4.9)
    sass-rails (3.2.6)
      railties (~> 3.2.0)
      sass (>= 3.1.10)
      tilt (~> 1.3)
=======
    sanitize (3.0.4)
      crass (~> 0.2.0)
      nokogiri (>= 1.4.4)
      nokogumbo (= 1.1.12)
    sass (3.2.19)
    sass-rails (4.0.5)
      railties (>= 4.0.0, < 5.0)
      sass (~> 3.2.2)
      sprockets (~> 2.8, < 3.0)
      sprockets-rails (~> 2.0)
>>>>>>> upgrade_irkeninvader.net
    selenium-webdriver (2.44.0)
      childprocess (~> 0.5)
      multi_json (~> 1.0)
      rubyzip (~> 1.0)
      websocket (~> 1.0)
    simplecov (0.9.1)
      docile (~> 1.1.0)
      multi_json (~> 1.0)
      simplecov-html (~> 0.8.0)
    simplecov-html (0.8.0)
<<<<<<< HEAD
    sprockets (2.2.3)
=======
    spring (1.1.3)
    spring-commands-cucumber (1.0.1)
      spring (>= 0.9.1)
    sprockets (2.12.3)
>>>>>>> upgrade_irkeninvader.net
      hike (~> 1.2)
      multi_json (~> 1.0)
      rack (~> 1.0)
      tilt (~> 1.1, != 1.3.0)
<<<<<<< HEAD
=======
    sprockets-rails (2.2.2)
      actionpack (>= 3.0)
      activesupport (>= 3.0)
      sprockets (>= 2.8, < 4.0)
>>>>>>> upgrade_irkeninvader.net
    swf_fu (2.0.4)
      coffee-script
      rails (>= 3.1)
    therubyracer (0.12.1)
      libv8 (~> 3.16.14.0)
      ref
    thor (0.19.1)
<<<<<<< HEAD
    tilt (1.4.1)
    timecop (0.7.1)
    tolk (1.5.1)
      safe_yaml (>= 0.8)
      will_paginate
    treetop (1.4.15)
      polyglot
      polyglot (>= 0.3.1)
    tzinfo (0.3.42)
    uglifier (1.3.0)
      execjs (>= 0.3.0)
      multi_json (~> 1.0, >= 1.0.2)
=======
    thread_safe (0.3.4)
    tilt (1.4.1)
    tolk (1.6.0)
      rails (>= 4.0, < 4.2)
      safe_yaml (>= 0.8.6)
      will_paginate
    tzinfo (1.2.2)
      thread_safe (~> 0.1)
    uglifier (2.5.3)
      execjs (>= 0.3.0)
      json (>= 1.8.0)
>>>>>>> upgrade_irkeninvader.net
    uniform_notifier (1.6.2)
    websocket (1.2.1)
    will_paginate (3.0.7)
    xpath (2.0.0)
      nokogiri (~> 1.3)
    yard (0.8.7.6)

PLATFORMS
  ruby

DEPENDENCIES
  RedCloth (~> 4.2.9)
<<<<<<< HEAD
  aasm (~> 3.0)
  acts_as_list (~> 0.1)
  aruba (~> 0.5)
  bcrypt-ruby (~> 3.0)
  bullet (~> 4.3)
  cache_digests!
  capybara (~> 2.0)
  coffee-rails (~> 3.2)
  cucumber-rails (~> 1.3)
  database_cleaner (~> 0.9)
  factory_girl_rails (~> 4.1)
  formatize (~> 1.1)
  htmlentities (~> 4.3)
  jquery-rails (~> 2.1)
  pg
  rack-mini-profiler (~> 0.1)
  rails (~> 3.2.19)
  rails_autolink (~> 1.0)
  sanitize (~> 2.0)
  sass-rails (~> 3.2)
  selenium-webdriver (~> 2.27)
  simplecov (~> 0.7)
  swf_fu (~> 2.0)
  therubyracer (~> 0.11)
  timecop (~> 0.5)
  tolk (~> 1.3)
  uglifier (~> 1.3)
  will_paginate (~> 3.0)
  yard (~> 0.8)
=======
  aasm (~> 3.4.0)
  actionpack-xml_parser (~> 1.0.1)
  activerecord-deprecated_finders (~> 1.0.3)
  acts_as_list (~> 0.4.0)
  aruba (~> 0.6.1)
  bcrypt (~> 3.1.7)
  bullet (~> 4.13.2)
  cache_digests (~> 0.3.1)
  capybara (~> 2.4.3)
  codeclimate-test-reporter (~> 0.4.1)
  coffee-rails (~> 4.0.1)
  cucumber-rails (~> 1.4.1)
  database_cleaner (~> 1.3.0)
  factory_girl_rails (~> 4.4.1)
  htmlentities (~> 4.3.2)
  jquery-rails (~> 3.1.2)
  mocha (~> 1.1.0)
  pg
  rack-dev-mark (= 0.7.3)
  rack-mini-profiler (~> 0.9.2)
  rails (~> 4.1.6)
  rails_autolink (~> 1.1.6)
  rspec-expectations (~> 3.1.2)
  sanitize (~> 3.0.2)
  sass-rails (~> 4.0.3)
  selenium-webdriver
  simplecov (~> 0.9.1)
  spring (~> 1.1.3)
  spring-commands-cucumber (~> 1.0.1)
  swf_fu (~> 2.0.4)
  therubyracer
  tolk (~> 1.6.0)
  uglifier (~> 2.5.3)
  will_paginate (~> 3.0.7)
  yard (~> 0.8.7.4)
>>>>>>> upgrade_irkeninvader.net
